GEM
  remote: https://rubygems.org/
  specs:
    base64 (0.2.0)
    benchmark (0.4.0)
    byebug (11.1.3)
    chunky_png (1.4.0)
    coderay (1.1.3)
    daemons (1.4.1)
    eventmachine (1.2.7)
    logger (1.6.6)
    method_source (1.1.0)
    mini_magick (5.2.0)
      benchmark
      logger
    multi_json (1.15.0)
    mustermann (3.0.3)
      ruby2_keywords (~> 0.0.1)
    pry (0.14.2)
      coderay (~> 1.1)
      method_source (~> 1.0)
    pry-byebug (3.10.1)
      byebug (~> 11.0)
      pry (>= 0.13, < 0.15)
    pry-remote (0.1.8)
      pry (~> 0.9)
      slop (~> 3.0)
    rack (2.2.12)
    rack-protection (3.2.0)
      base64 (>= 0.1.0)
      rack (~> 2.2, >= 2.2.4)
    ruby2_keywords (0.0.5)
    sinatra (3.2.0)
      mustermann (~> 3.0)
      rack (~> 2.2, >= 2.2.4)
      rack-protection (= 3.2.0)
      tilt (~> 2.0)
    sinatra-contrib (3.2.0)
      multi_json (>= 0.0.2)
      mustermann (~> 3.0)
      rack-protection (= 3.2.0)
      sinatra (= 3.2.0)
      tilt (~> 2.0)
    slop (3.6.0)
    thin (1.8.2)
      daemons (~> 1.0, >= 1.0.9)
      eventmachine (~> 1.0, >= 1.0.4)
      rack (>= 1, < 3)
    tilt (2.6.0)

PLATFORMS
  x64-mingw-ucrt

DEPENDENCIES
  chunky_png
  mini_magick
  pry
  pry-byebug
  pry-remote
  sinatra
  sinatra-contrib
  thin

BUNDLED WITH
   2.5.22
